GEM
  remote: https://rubygems.org/
  specs:
    base64 (0.1.1)
    discordrb (3.5.0)
      discordrb-webhooks (~> 3.5.0)
      ffi (>= 1.9.24)
      opus-ruby
      rest-client (>= 2.0.0)
      websocket-client-simple (>= 0.3.0)
    discordrb-webhooks (3.5.0)
      rest-client (>= 2.0.0)
    domain_name (0.5.20190701)
      unf (>= 0.0.5, < 1.0.0)
    dotenv (2.8.1)
    event_emitter (0.2.6)
    faraday (2.7.11)
      base64
      faraday-net_http (>= 2.0, < 3.1)
      ruby2_keywords (>= 0.0.4)
    faraday-mashify (0.1.1)
      faraday (~> 2.0)
      hashie
    faraday-multipart (1.0.4)
      multipart-post (~> 2)
    faraday-net_http (3.0.2)
    ffi (1.16.2)
    hashie (5.0.0)
    http-accept (1.7.0)
    http-cookie (1.0.5)
      domain_name (~> 0.5)
    mime-types (3.5.1)
      mime-types-data (~> 3.2015)
    mime-types-data (3.2023.0808)
    multipart-post (2.3.0)
    netrc (0.11.0)
    notion-ruby-client (1.2.1)
      dotenv
      faraday (>= 2.0)
      faraday-mashify (>= 0.1.1)
      faraday-multipart (>= 1.0.4)
      hashie (~> 5)
    opus-ruby (1.0.1)
      ffi
    rest-client (2.1.0)
      http-accept (>= 1.7.0, < 2.0)
      http-cookie (>= 1.0.2, < 2.0)
      mime-types (>= 1.16, < 4.0)
      netrc (~> 0.8)
    ruby2_keywords (0.0.5)
    unf (0.1.4)
      unf_ext
    unf_ext (0.0.8.2)
    websocket (1.2.10)
    websocket-client-simple (0.8.0)
      event_emitter
      websocket

PLATFORMS
  x86_64-linux

DEPENDENCIES
  discordrb
  notion-ruby-client

BUNDLED WITH
   2.4.19
